GEM
  remote: http://rubygems.org/
  specs:
    activesupport (3.2.3)
      i18n (~> 0.6)
      multi_json (~> 1.0)
    coderay (1.0.5)
    diff-lcs (1.1.3)
    fakeweb (1.3.0)
    fastercsv (1.5.4)
    httparty (0.8.1)
      multi_json
      multi_xml
    i18n (0.6.0)
    method_source (0.7.1)
    multi_json (1.2.0)
    multi_xml (0.4.1)
    pry (0.9.8.4)
      coderay (~> 1.0.5)
      method_source (~> 0.7.1)
      slop (>= 2.4.4, < 3)
    rspec (2.8.0)
      rspec-core (~> 2.8.0)
      rspec-expectations (~> 2.8.0)
      rspec-mocks (~> 2.8.0)
    rspec-core (2.8.0)
    rspec-expectations (2.8.0)
      diff-lcs (~> 1.1.2)
    rspec-mocks (2.8.0)
    slop (2.4.4)

PLATFORMS
  ruby

DEPENDENCIES
  activesupport (>= 2.3.5)
  fakeweb
  fastercsv
  httparty
  pry
  rspec (~> 2.8.0)
